GEM
  remote: https://rubygems.org/
  specs:
    activesupport (4.0.0)
      i18n (~> 0.6, >= 0.6.4)
      minitest (~> 4.2)
      multi_json (~> 1.3)
      thread_safe (~> 0.1)
      tzinfo (~> 0.3.37)
    atomic (1.1.12)
    byebug (2.4.0)
      columnize (~> 0.3.6)
      debugger-linecache (~> 1.2.0)
    clockwork (0.5.4)
      activesupport
      tzinfo (~> 0.3.35)
    coderay (1.1.0)
    columnize (0.3.6)
    debugger-linecache (1.2.0)
    faraday (0.8.8)
      multipart-post (~> 1.2.0)
    i18n (0.6.4)
    method_source (0.8.2)
    minitest (4.7.5)
    multi_json (1.7.8)
    multipart-post (1.2.0)
    pry (0.9.12.4)
      coderay (~> 1.0)
      method_source (~> 0.8)
      slop (~> 3.4)
    pry-byebug (1.2.0)
      byebug (~> 2.2)
      pry (~> 0.9.12)
    simple_oauth (0.2.0)
    slop (3.4.7)
    thread_safe (0.1.2)
      atomic
    twitter (4.8.1)
      faraday (~> 0.8, < 0.10)
      multi_json (~> 1.0)
      simple_oauth (~> 0.2)
    tzinfo (0.3.37)

PLATFORMS
  ruby

DEPENDENCIES
  clockwork
  minitest
  pry
  pry-byebug
  twitter
